GEM
  remote: https://rubygems.org/
  specs:
    rmagick (4.2.1)

PLATFORMS
  x86_64-darwin-19

DEPENDENCIES
  rmagick

BUNDLED WITH
   2.2.3
